PATH
  remote: .
  specs:
    forecast_io-cache (0.0.4)
      forecast_io (~> 1.1.0)
      mongo_adaptor
      sinatra

GEM
  remote: https://rubygems.org/
  specs:
    bson (1.12.1)
    bson_ext (1.12.1)
      bson (~> 1.12.1)
    builder (3.2.2)
    cucumber (2.0.0)
      builder (>= 2.1.2)
      cucumber-core (~> 1.1.3)
      diff-lcs (>= 1.1.3)
      gherkin (~> 2.12)
      multi_json (>= 1.7.5, < 2.0)
      multi_test (>= 0.1.2)
    cucumber-core (1.1.3)
      gherkin (~> 2.12.0)
    diff-lcs (1.2.5)
    faraday (0.9.1)
      multipart-post (>= 1.2, < 3)
    forecast_io (1.1.0)
      faraday
      hashie
      multi_json
    gherkin (2.12.2)
      multi_json (~> 1.3)
    hashie (3.4.1)
    mongo (1.12.1)
      bson (= 1.12.1)
    mongo-configure (0.1.4)
      mongo
      morphine
    mongo_adaptor (0.0.17)
      mongo
      mongo-configure
    morphine (0.1.1)
    multi_json (1.11.0)
    multi_test (0.1.2)
    multipart-post (2.0.0)
    puma (2.11.2)
      rack (>= 1.1, < 2.0)
    rack (1.6.0)
    rack-protection (1.5.3)
      rack
    rack-test (0.6.3)
      rack (>= 1.0)
    rake (10.4.2)
    rspec (3.2.0)
      rspec-core (~> 3.2.0)
      rspec-expectations (~> 3.2.0)
      rspec-mocks (~> 3.2.0)
    rspec-core (3.2.3)
      rspec-support (~> 3.2.0)
    rspec-expectations (3.2.1)
      diff-lcs (>= 1.2.0, < 2.0)
      rspec-support (~> 3.2.0)
    rspec-mocks (3.2.1)
      diff-lcs (>= 1.2.0, < 2.0)
      rspec-support (~> 3.2.0)
    rspec-support (3.2.2)
    sinatra (1.4.6)
      rack (~> 1.4)
      rack-protection (~> 1.4)
      tilt (>= 1.3, < 3)
    tilt (2.0.1)
    vcr (2.9.3)

PLATFORMS
  ruby

DEPENDENCIES
  bson
  bson_ext
  bundler (~> 1.3)
  cucumber
  forecast_io-cache!
  mongo
  puma
  rack-test
  rake
  rspec
  vcr
