PATH
  remote: .
  specs:
    forecast_io-cache (0.0.4)
      forecast_io
      mongo_adaptor
      sinatra

GEM
  remote: https://rubygems.org/
  specs:
    bson (1.8.5)
    bson_ext (1.8.5)
      bson (~> 1.8.5)
    builder (3.2.0)
    cucumber (1.3.1)
      builder (>= 2.1.2)
      diff-lcs (>= 1.1.3)
      gherkin (~> 2.12.0)
      multi_json (~> 1.3)
    diff-lcs (1.2.5)
    faraday (0.8.7)
      multipart-post (~> 1.1)
    forecast_io (1.1.0)
      faraday
      hashie
      multi_json
    gherkin (2.12.0)
      multi_json (~> 1.3)
    hashie (2.0.4)
    mongo (1.8.5)
      bson (~> 1.8.5)
    mongo-configure (0.1.0)
      mongo
      morphine
    mongo_adaptor (0.0.10)
      bson
      mongo
      mongo-configure
    morphine (0.1.1)
    multi_json (1.7.3)
    multipart-post (1.2.0)
    puma (2.0.1)
      rack (>= 1.1, < 2.0)
    rack (1.5.2)
    rack-protection (1.5.0)
      rack
    rack-test (0.6.2)
      rack (>= 1.0)
    rake (10.0.4)
    rspec (3.2.0)
      rspec-core (~> 3.2.0)
      rspec-expectations (~> 3.2.0)
      rspec-mocks (~> 3.2.0)
    rspec-core (3.2.3)
      rspec-support (~> 3.2.0)
    rspec-expectations (3.2.1)
      diff-lcs (>= 1.2.0, < 2.0)
      rspec-support (~> 3.2.0)
    rspec-mocks (3.2.1)
      diff-lcs (>= 1.2.0, < 2.0)
      rspec-support (~> 3.2.0)
    rspec-support (3.2.2)
    sinatra (1.4.2)
      rack (~> 1.5, >= 1.5.2)
      rack-protection (~> 1.4)
      tilt (~> 1.3, >= 1.3.4)
    tilt (1.4.0)
    vcr (2.4.0)

PLATFORMS
  ruby

DEPENDENCIES
  bson
  bson_ext
  bundler (~> 1.3)
  cucumber
  forecast_io-cache!
  mongo
  puma
  rack-test
  rake
  rspec
  vcr
